PATH
  remote: .
  specs:
    greentable (0.0.9)

GEM
  remote: https://rubygems.org/
  specs:
    rake (10.2.2)
    test-unit (2.5.5)

PLATFORMS
  ruby

DEPENDENCIES
  bundler (~> 1.3)
  greentable!
  rake
  test-unit
